PATH
  remote: .
  specs:
    tddium-preview (0.7.3)
      bundler
      highline
      json
      tddium_client (>= 0.0.9)
      tddium_reporting (>= 0.0.3)
      thor

GEM
  remote: http://rubygems.org/
  specs:
    aruba (0.4.6)
      bcat (>= 0.6.1)
      childprocess (>= 0.2.0)
      cucumber (>= 1.0.2)
      rdiscount (>= 1.6.8)
      rspec (>= 2.6.0)
    bcat (0.6.1)
      rack (~> 1.0)
    builder (3.0.0)
    childprocess (0.2.2)
      ffi (~> 1.0.6)
    crack (0.1.8)
    cucumber (1.0.2)
      builder (>= 2.1.2)
      diff-lcs (>= 1.1.2)
      gherkin (~> 2.4.5)
      json (>= 1.4.6)
      term-ansicolor (>= 1.0.5)
    daemons (1.1.4)
    diff-lcs (1.1.2)
    fakefs (0.3.2)
    ffi (1.0.9)
    gherkin (2.4.16)
      json (>= 1.4.6)
    highline (1.6.2)
    httparty (0.7.8)
      crack (= 0.1.8)
    json (1.5.3)
    mimic (0.4.3)
      json
      plist
      rack
      sinatra
    pickle (0.4.8)
      cucumber (>= 0.8)
      rake
    plist (3.1.0)
    rack (1.3.2)
    rake (0.9.2)
    rdiscount (1.6.8)
    rspec (2.6.0)
      rspec-core (~> 2.6.0)
      rspec-expectations (~> 2.6.0)
      rspec-mocks (~> 2.6.0)
    rspec-core (2.6.4)
    rspec-expectations (2.6.0)
      diff-lcs (~> 1.1.2)
    rspec-mocks (2.6.0)
    simplecov (0.4.2)
      simplecov-html (~> 0.4.4)
    simplecov-html (0.4.5)
    sinatra (1.2.6)
      rack (~> 1.1)
      tilt (< 2.0, >= 1.2.2)
    tddium_client (0.0.9)
      httparty
      json
    tddium_reporting (0.0.3)
    term-ansicolor (1.0.6)
    thor (0.14.6)
    tilt (1.3.3)

PLATFORMS
  ruby

DEPENDENCIES
  aruba
  daemons
  fakefs
  httparty
  mimic
  pickle
  rake
  rspec
  simplecov
  tddium-preview!
