GEM
  remote: http://rubygems.org/
  specs:
    builder (3.0.0)
    excon (0.3.4)
    fakefs (0.3.1)
    fog (0.3.31)
      builder
      excon (>= 0.3.3)
      formatador (>= 0.0.16)
      json
      mime-types
      named-parameters (>= 0.0.17)
      net-ssh (>= 2.0.23)
      nokogiri (>= 1.4.4)
      ruby-hmac
    formatador (0.0.16)
    git (1.2.5)
    highline (1.6.1)
    jeweler (1.5.2)
      bundler (~> 1.0.0)
      git (>= 1.2.5)
      rake
    json (1.4.6)
    mime-types (1.16)
    mocha (0.9.10)
      rake
    named-parameters (0.0.22)
    net-ssh (2.0.23)
    nokogiri (1.4.4)
    rake (0.8.7)
    rcov (0.9.9)
    rspec (1.3.1)
    ruby-hmac (0.4.0)
    selenium-client (1.2.18)
    shoulda (2.11.3)

PLATFORMS
  ruby

DEPENDENCIES
  bundler (~> 1.0.0)
  fakefs (>= 0.3.1)
  fog (>= 0.3.31)
  highline
  jeweler (~> 1.5.1)
  mocha
  rcov
  rspec (> 1.2.6, < 2.0.0)
  selenium-client (>= 1.2.18)
  shoulda
