GEM
  remote: http://rubygems.org/
  specs:
    actionmailer (2.3.8)
      actionpack (= 2.3.8)
    actionpack (2.3.8)
      activesupport (= 2.3.8)
      rack (~> 1.1.0)
    activerecord (2.3.8)
      activesupport (= 2.3.8)
    activeresource (2.3.8)
      activesupport (= 2.3.8)
    activesupport (2.3.8)
    builder (3.0.0)
    excon (0.3.8)
    fakefs (0.3.1)
    fog (0.4.0)
      builder
      excon (>= 0.3.7)
      formatador (>= 0.0.16)
      json
      mime-types
      net-ssh (>= 2.0.23)
      nokogiri (>= 1.4.4)
      ruby-hmac
    formatador (0.0.16)
    git (1.2.5)
    highline (1.6.1)
    jeweler (1.5.2)
      bundler (~> 1.0.0)
      git (>= 1.2.5)
      rake
    json (1.4.6)
    mime-types (1.16)
    mocha (0.9.10)
      rake
    net-ssh (2.0.23)
    nokogiri (1.4.4)
    parallel (0.5.1)
    rack (1.1.0)
    rails (2.3.8)
      actionmailer (= 2.3.8)
      actionpack (= 2.3.8)
      activerecord (= 2.3.8)
      activeresource (= 2.3.8)
      activesupport (= 2.3.8)
      rake (>= 0.8.3)
    rake (0.8.7)
    rcov (0.9.9)
    rspec (1.3.1)
    ruby-hmac (0.4.0)
    selenium-client (1.2.18)
    shoulda (2.11.3)

PLATFORMS
  ruby

DEPENDENCIES
  bundler (~> 1.0.0)
  fakefs (>= 0.3.1)
  fog (= 0.4.0)
  highline
  jeweler (~> 1.5.1)
  mocha
  parallel
  rails (= 2.3.8)
  rcov
  rspec (> 1.2.6, < 2.0.0)
  selenium-client (>= 1.2.18)
  shoulda
