PATH
  remote: .
  specs:
    tddium (1.5.3)
      highline
      json
      launchy
      tddium_client (~> 0.2.0)
      thor

GEM
  remote: http://rubygems.org/
  specs:
    addressable (2.2.8)
    antilles (0.1.4)
      bundler
      daemons
      httparty
      json
      mimic
    aruba (0.4.6)
      childprocess (>= 0.2.3)
      cucumber (>= 1.1.1)
      ffi (>= 1.0.11)
      rspec (>= 2.7.0)
    builder (3.0.0)
    childprocess (0.3.2)
      ffi (~> 1.0.6)
    cucumber (1.1.9)
      builder (>= 2.1.2)
      diff-lcs (>= 1.1.2)
      gherkin (~> 2.9.0)
      json (>= 1.4.6)
      term-ansicolor (>= 1.0.6)
    daemons (1.1.8)
    diff-lcs (1.1.3)
    fakefs (0.4.0)
    ffi (1.0.11)
    gherkin (2.9.3)
      json (>= 1.4.6)
    highline (1.6.12)
    httparty (0.8.3)
      multi_json (~> 1.0)
      multi_xml
    json (1.7.0)
    launchy (2.1.0)
      addressable (~> 2.2.6)
    mimic (0.4.3)
      json
      plist
      rack
      sinatra
    multi_json (1.3.2)
    multi_xml (0.4.4)
    pickle (0.4.10)
      cucumber (>= 0.8)
      rake
    plist (3.1.0)
    rack (1.4.1)
    rack-protection (1.2.0)
      rack
    rake (0.9.2.2)
    rspec (2.9.0)
      rspec-core (~> 2.9.0)
      rspec-expectations (~> 2.9.0)
      rspec-mocks (~> 2.9.0)
    rspec-core (2.9.0)
    rspec-expectations (2.9.1)
      diff-lcs (~> 1.1.3)
    rspec-mocks (2.9.0)
    simplecov (0.6.2)
      multi_json (~> 1.3)
      simplecov-html (~> 0.5.3)
    simplecov-html (0.5.3)
    sinatra (1.3.2)
      rack (~> 1.3, >= 1.3.6)
      rack-protection (~> 1.2)
      tilt (~> 1.3, >= 1.3.3)
    tddium_client (0.2.0)
      httparty (>= 0.8.1)
      json
    term-ansicolor (1.0.7)
    thor (0.14.6)
    tilt (1.3.3)

PLATFORMS
  ruby

DEPENDENCIES
  antilles
  aruba (= 0.4.6)
  cucumber
  daemons
  fakefs
  httparty
  mimic
  pickle
  rake
  rspec
  simplecov
  tddium!
