PATH
  remote: .
  specs:
    tddium (1.2.0)
      bundler (~> 1.1.0)
      highline
      json
      tddium_client (~> 0.1.4)
      thor

GEM
  remote: http://rubygems.org/
  specs:
    antilles (0.1.4)
      bundler
      daemons
      httparty
      json
      mimic
    aruba (0.4.6)
      bcat (>= 0.6.1)
      childprocess (>= 0.2.0)
      cucumber (>= 1.0.2)
      rdiscount (>= 1.6.8)
      rspec (>= 2.6.0)
    bcat (0.6.1)
      rack (~> 1.0)
    builder (3.0.0)
    childprocess (0.2.2)
      ffi (~> 1.0.6)
    cucumber (1.0.2)
      builder (>= 2.1.2)
      diff-lcs (>= 1.1.2)
      gherkin (~> 2.4.5)
      json (>= 1.4.6)
      term-ansicolor (>= 1.0.5)
    daemons (1.1.4)
    diff-lcs (1.1.3)
    fakefs (0.3.2)
    ffi (1.0.9)
    gherkin (2.4.21)
      json (>= 1.4.6)
    highline (1.6.11)
    httparty (0.8.1)
      multi_json
      multi_xml
    json (1.6.1)
    mimic (0.4.3)
      json
      plist
      rack
      sinatra
    multi_json (1.0.4)
    multi_xml (0.4.1)
    pickle (0.4.8)
      cucumber (>= 0.8)
      rake
    plist (3.1.0)
    rack (1.3.3)
    rake (0.9.2)
    rdiscount (1.6.8)
    rspec (2.6.0)
      rspec-core (~> 2.6.0)
      rspec-expectations (~> 2.6.0)
      rspec-mocks (~> 2.6.0)
    rspec-core (2.6.4)
    rspec-expectations (2.6.0)
      diff-lcs (~> 1.1.2)
    rspec-mocks (2.6.0)
    simplecov (0.5.4)
      multi_json (~> 1.0.3)
      simplecov-html (~> 0.5.3)
    simplecov-html (0.5.3)
    sinatra (1.2.6)
      rack (~> 1.1)
      tilt (>= 1.2.2, < 2.0)
    tddium_client (0.1.4)
      httparty (>= 0.8.1)
      json
    term-ansicolor (1.0.6)
    thor (0.14.6)
    tilt (1.3.3)

PLATFORMS
  ruby

DEPENDENCIES
  antilles
  aruba
  daemons
  fakefs
  httparty
  mimic
  pickle
  rake
  rspec
  simplecov
  tddium!
